STORAGE: NONE
NUGET
  remote: https://www.nuget.org/api/v2
    Fable.Core (3.0)
      FSharp.Core (>= 4.5.2) - restriction: >= netstandard2.0
    Fable.Import.Browser (1.3)
      Fable.Core (>= 1.3.17) - restriction: >= netstandard1.6
    FSharp.Core (4.7)
